GEM
  remote: https://rubygems.org/
  specs:
    power_assert (1.1.4)
    rake (12.3.3)
    structured_warnings (0.3.0)
    test-unit (3.3.3)
      power_assert

PLATFORMS
  ruby

DEPENDENCIES
  rake
  structured_warnings
  test-unit

BUNDLED WITH
   2.1.0.pre.1
