GEM
  remote: https://rubygems.org/
  specs:
    power_assert (1.1.2)
    rake (12.3.1)
    structured_warnings (0.3.0)
    test-unit (3.2.8)
      power_assert

PLATFORMS
  ruby

DEPENDENCIES
  rake
  structured_warnings
  test-unit

BUNDLED WITH
   1.16.2
