GEM
  remote: https://rubygems.org/
  specs:
    power_assert (1.1.5)
    rake (13.0.1)
    structured_warnings (0.4.0)
    test-unit (3.3.5)
      power_assert

PLATFORMS
  ruby

DEPENDENCIES
  rake
  structured_warnings
  test-unit

BUNDLED WITH
   2.1.2
