GEM
  remote: https://rubygems.org/
  specs:
    power_assert (1.1.1)
    rake (12.2.1)
    structured_warnings (0.3.0)
    test-unit (3.2.6)
      power_assert

PLATFORMS
  ruby

DEPENDENCIES
  rake
  structured_warnings
  test-unit

BUNDLED WITH
   1.16.0
